PATH
  remote: .
  specs:
    saaspose (0.0.3)
      confiture (~> 0.1)
      rest-client (~> 1.6)

GEM
  remote: https://rubygems.org/
  specs:
    addressable (2.2.7)
    coderay (1.0.6)
    confiture (0.1.4)
    crack (0.3.1)
    diff-lcs (1.1.3)
    method_source (0.7.1)
    mime-types (1.23)
    pry (0.9.9.4)
      coderay (~> 1.0.5)
      method_source (~> 0.7.1)
      slop (>= 2.4.4, < 3)
    rest-client (1.6.7)
      mime-types (>= 1.16)
    rspec (2.9.0)
      rspec-core (~> 2.9.0)
      rspec-expectations (~> 2.9.0)
      rspec-mocks (~> 2.9.0)
    rspec-core (2.9.0)
    rspec-expectations (2.9.1)
      diff-lcs (~> 1.1.3)
    rspec-mocks (2.9.0)
    slop (2.4.4)
    vcr (2.1.1)
    webmock (1.8.6)
      addressable (>= 2.2.7)
      crack (>= 0.1.7)

PLATFORMS
  ruby

DEPENDENCIES
  pry (~> 0.9)
  rspec (~> 2.9)
  saaspose!
  vcr (~> 2.1)
  webmock (~> 1.8)
